##TITLE= Parameter file, TopSpin 4.0.6
##JCAMPDX= 5.0
##DATATYPE= Parameter Values
##NPOINTS= 92	$$ modification sequence number
##ORIGIN= Bruker BioSpin GmbH
##OWNER= rschurko
$$ 2021-02-03 14:20:29.737 -0500  rschurko@600wb1.magnet.fsu.edu
$$ /opt/topspin4.0.6/data/altenhof/nmr/Xyla_Isox_Mix_Feb3_2021/100//specpar
$$ process /opt/topspin4.0.6/prog/mod/acqdataserver
##$ANCIEN= (0..7)
0 0 0 0 0 0 0 0
##$BF1= 100.13
##$BF2= 100.13
##$BF3= 100.13
##$DEC= 1
##$DECB= 1
##$DEF19F= yes
##$DEFRSEL= yes
##$HPMOD= (0..32)
0 0 0 0 0 0 0 0 0 0 0 0 0 0 0 0 0 0 0 0 0 0 0 0 0 0 0 0 0 0 0 0 0
##$HPPRECH= (0..32)
-1 -1 -1 -1 -1 -1 -1 -1 -1 -1 -1 -1 -1 -1 -1 -1 -1 -1 -1 -1 -1 -1 -1 -1
-1 -1 -1 -1 -1 -1 -1 -1 -1
##$HPSELECT= yes
##$LOCSW19F= -1
##$LOCSW2H= -1
##$NUC1= 1
##$NUC2= 0
##$NUC3= 0
##$NUC4= 0
##$NUC5= 0
##$NUC6= 0
##$NUC7= 0
##$NUC8= 0
##$NUCARR= (0..123)
600.1 600.1 92.119003769 640.090507974 457.150034976 88.311232086 233.221645797
84.324929813 64.472691658 192.535927974 150.89526502 43.365128317 60.807604912
81.352298457 564.658160011 47.373670296 158.7378519 36.735931635 156.367210859
119.222989187 242.924932742 46.063676 58.797251909 48.942505725 28.002904373
15.370391305 40.386904029 145.774773747 33.830841534 33.839861037 59.831824309
157.843990948 33.920628496 148.760097218 19.429905778 142.386171074 53.625242051
159.119353473 170.450561693 37.547074803 144.032125354 183.010720704 20.933378315
102.752806614 114.448149513 31.311549722 150.34893398 162.066114518 23.0894476
57.939312943 196.355444454 26.007265822 29.406088198 55.787084298 146.88149617
39.108072926 39.928823695 135.072464326 27.635511151 30.973375369 19.121868447
27.4611761 24.290961819 27.925851533 127.31409548 133.181243175 131.216395755
131.497686629 196.345212749 213.829186259 223.781082632 143.607392577 77.768261217
157.044621742 189.330163769 120.064923486 166.888926186 49.471769921 78.709968142
59.616676457 66.688680928 79.1789943 84.767971641 183.75062 32.70545 20.16336
25.02417 20.64344 149.18486 65.89098 18.42307 24.18403 144.26404 20.64344
28.92482 128.06134 17.28288 49.74829 105.013335306 28.930821 68.435404
48.794131 24.046007 15.104517 71.9495896 25.002488387 135.1701246 136.5323516
13.696268331 46.6001654 10.309718 11.227871 129.002200784 10.375729 107.482842822
39.676109583 342.7963232 346.160711838 125.544514599 96.431797288 11.0502414
21.78363 100 100
##$NUCOFFS= (0..127)
<1H> <13C> <15N> <2H> <79Br> <17O> <35Cl> <29Si> <31P> <6Li> <7Li> <19F>
<73Ge> <71Ga> <3H> <77Se> <14N> <53Cr> <11B> <10B> <9Be> <21Ne> <37Cl>
<51V> <67Zn> <81Br> <95Mo> <109Ag> <121Sb> <119Sn> <117Sn> <115Sn> <23Na>
<27Al> <33S> <207Pb> <113Cd> <87Rb> <195Pt> <101Ru> <103Rh> <131Xe> <133Cs>
<> <> <> <> <> <> <> <> <> <> <> <> <> <> <> <> <> <> <> <> <> <> <> <>
<> <> <> <> <> <> <> <> <> <> <> <> <> <> <> <> <> <> <> <> <> <> <> <>
<> <> <> <> <> <> <> <> <> <> <> <> <> <> <> <> <> <> <> <> <> <> <> <>
<> <> <> <> <> <> <> <> <> <> <> <> <>
##$OBS= 1
##$OFFS= (0..127)
-20672 8484 0 0 0 0 0 -16930 -10612 0 0 0 0 0 0 0 0 0 0 0 0 0 0 0 0 0 0
0 0 0 0 0 0 0 0 0 0 0 0 0 0 0 0 0 0 0 0 0 0 0 0 0 0 0 0 0 0 0 0 0 0 0 0
0 0 0 0 0 0 0 0 0 0 0 0 0 0 0 0 0 0 0 0 0 0 0 0 0 0 0 0 0 0 0 0 0 0 0 0
0 0 0 0 0 0 0 0 0 0 0 0 0 0 0 0 0 0 0 0 0 0 0 0 0 0 0 0 0
##$OFFSF= (0..7)
0 0 0 0 0 0 0 0
##$OFFSH= (0..7)
0 0 0 0 0 0 0 0
##$OFFSX= (0..7)
0 0 0 0 0 0 0 0
##$OFFSXAS= (0..7)
0 0 0 0 0 0 0 0
##$OFSF1= 0
##$OFSF2= 0
##$OFSH1= 0
##$OFSH2= 0
##$OFSH3= 0
##$OFSX1= 0
##$OFSX2= 0
##$OFSY= 0
##$PACOIL= (0..32)
0 0 0 0 0 0 0 0 0 0 0 0 0 0 0 0 0 0 0 0 0 0 0 0 0 0 0 0 0 0 0 0 0
##$PRECHAN= (0..32)
-1 0 1 -1 2 -1 -1 -1 -1 -1 -1 -1 -1 -1 -1 -1 -1 -1 -1 -1 -1 -1 -1 -1 -1
-1 -1 -1 -1 -1 -1 -1 -1
##$RECPRE= (0..25)
-1 0 1 2 -1 -1 -1 -1 -1 -1 -1 -1 -1 -1 -1 -1 -1 -1 -1 -1 -1 -1 -1 -1 -1
-1
##$RECPRFX= (0..32)
1 1 1 0 0 0 0 0 0 0 0 0 0 0 0 0 0 0 0 0 0 0 0 0 0 0 0 0 0 0 0 0 0
##$RECSEL= (0..24)
0 1 2 3 0 0 0 0 0 0 0 0 0 0 0 0 0 0 0 0 0 0 0 0 0
##$SELREC= (0..24)
0 0 0 0 0 0 0 0 0 0 0 0 0 0 0 0 0 0 0 0 0 0 0 0 0
##$SFO1= 600.079328
##$SFO2= 600.1
##$SFO3= 600.1
##$SFO4= 600.103706
##$SFO5= 600.103706
##$SFO6= 600.103706
##$SFO7= 600.103706
##$SFO8= 600.103706
##$TY= (0..123)
0 0 0 0 0 0 0 0 0 0 0 0 0 0 0 0 0 0 0 0 0 0 0 0 0 0 0 0 0 0 0 0 0 0 0 0
0 0 0 0 0 0 0 0 0 0 0 0 0 0 0 0 0 0 0 0 0 0 0 0 0 0 0 0 0 0 0 0 0 0 0 0
0 0 0 0 0 0 0 0 0 0 0 0 0 0 0 0 0 0 0 0 0 0 0 0 0 0 0 0 0 0 0 0 0 0 0 0
0 0 0 0 0 0 0 0 0 0 0 0 0 0 0 0
##END=
